PATH
  remote: .
  specs:
    sikulix-client (0.0.1)
      excon
      json

GEM
  remote: https://rubygems.org/
  specs:
    diff-lcs (1.2.5)
    excon (0.44.4)
    json (1.8.1)
    rake (10.4.2)
    rspec (3.2.0)
      rspec-core (~> 3.2.0)
      rspec-expectations (~> 3.2.0)
      rspec-mocks (~> 3.2.0)
    rspec-core (3.2.1)
      rspec-support (~> 3.2.0)
    rspec-expectations (3.2.0)
      diff-lcs (>= 1.2.0, < 2.0)
      rspec-support (~> 3.2.0)
    rspec-mocks (3.2.1)
      diff-lcs (>= 1.2.0, < 2.0)
      rspec-support (~> 3.2.0)
    rspec-support (3.2.2)

PLATFORMS
  ruby

DEPENDENCIES
  rake (~> 10.4.2)
  rspec (~> 3.2.0)
  sikulix-client!
